GEM
  remote: https://rubygems.org/
  specs:
    actioncable (5.2.8.1)
      actionpack (= 5.2.8.1)
      nio4r (~> 2.0)
      websocket-driver (>= 0.6.1)
    actionmailer (5.2.8.1)
      actionpack (= 5.2.8.1)
      actionview (= 5.2.8.1)
      activejob (= 5.2.8.1)
      mail (~> 2.5, >= 2.5.4)
      rails-dom-testing (~> 2.0)
    actionpack (5.2.8.1)
      actionview (= 5.2.8.1)
      activesupport (= 5.2.8.1)
      rack (~> 2.0, >= 2.0.8)
      rack-test (>= 0.6.3)
      rails-dom-testing (~> 2.0)
      rails-html-sanitizer (~> 1.0, >= 1.0.2)
    actionview (5.2.8.1)
      activesupport (= 5.2.8.1)
      builder (~> 3.1)
      erubi (~> 1.4)
      rails-dom-testing (~> 2.0)
      rails-html-sanitizer (~> 1.0, >= 1.0.3)
    activejob (5.2.8.1)
      activesupport (= 5.2.8.1)
      globalid (>= 0.3.6)
    activemodel (5.2.8.1)
      activesupport (= 5.2.8.1)
    activerecord (5.2.8.1)
      activemodel (= 5.2.8.1)
      activesupport (= 5.2.8.1)
      arel (>= 9.0)
    activestorage (5.2.8.1)
      actionpack (= 5.2.8.1)
      activerecord (= 5.2.8.1)
      marcel (~> 1.0.0)
    activesupport (5.2.8.1)
      concurrent-ruby (~> 1.0, >= 1.0.2)
      i18n (>= 0.7, < 2)
      minitest (~> 5.1)
      tzinfo (~> 1.1)
    arel (9.0.0)
    bcrypt (3.1.18)
    bindex (0.8.1)
    bootsnap (1.16.0)
      msgpack (~> 1.2)
    brakeman (5.4.1)
    builder (3.2.4)
    byebug (11.1.3)
    climate_control (0.2.0)
    cocaine (0.5.8)
      climate_control (>= 0.0.3, < 1.0)
    coffee-rails (4.2.2)
      coffee-script (>= 2.2.0)
      railties (>= 4.0.0)
    coffee-script (2.4.1)
      coffee-script-source
      execjs
    coffee-script-source (1.12.2)
    concurrent-ruby (1.2.2)
    crass (1.0.6)
    date (3.3.3)
    diff-lcs (1.5.0)
    docile (1.4.0)
    erubi (1.12.0)
    et-orbi (1.2.7)
      tzinfo
    execjs (2.8.1)
    factory_bot (4.8.2)
      activesupport (>= 3.0.0)
    factory_bot_rails (4.8.2)
      factory_bot (~> 4.8.2)
      railties (>= 3.0.0)
    ffi (1.15.5)
    font-awesome-rails (4.7.0.8)
      railties (>= 3.2, < 8.0)
    globalid (1.1.0)
      activesupport (>= 5.0)
    http_accept_language (2.1.1)
    i18n (1.12.0)
      concurrent-ruby (~> 1.0)
    jbuilder (2.11.5)
      actionview (>= 5.0.0)
      activesupport (>= 5.0.0)
    jquery-rails (4.3.5)
      rails-dom-testing (>= 1, < 3)
      railties (>= 4.2.0)
      thor (>= 0.14, < 2.0)
    json (2.6.3)
    listen (3.1.5)
      rb-fsevent (~> 0.9, >= 0.9.4)
      rb-inotify (~> 0.9, >= 0.9.7)
      ruby_dep (~> 1.2)
    loofah (2.19.1)
      crass (~> 1.0.2)
      nokogiri (>= 1.5.9)
    mail (2.8.1)
      mini_mime (>= 0.1.1)
      net-imap
      net-pop
      net-smtp
    marcel (1.0.2)
    method_source (1.0.0)
    mime-types (3.4.1)
      mime-types-data (~> 3.2015)
    mime-types-data (3.2023.0218.1)
    mimemagic (0.3.10)
      nokogiri (~> 1)
      rake
    mini_mime (1.1.2)
    mini_portile2 (2.8.1)
    minitest (5.17.0)
    msgpack (1.6.0)
    mysql2 (0.4.10)
    net-imap (0.3.4)
      date
      net-protocol
    net-pop (0.1.2)
      net-protocol
    net-protocol (0.2.1)
      timeout
    net-smtp (0.3.3)
      net-protocol
    nio4r (2.5.8)
    nokogiri (1.14.2)
      mini_portile2 (~> 2.8.0)
      racc (~> 1.4)
    paperclip (5.2.1)
      activemodel (>= 4.2.0)
      activesupport (>= 4.2.0)
      cocaine (~> 0.5.5)
      mime-types
      mimemagic (~> 0.3.0)
    pdf-core (0.7.0)
    prawn (2.2.2)
      pdf-core (~> 0.7.0)
      ttfunk (~> 1.5)
    puma (4.3.12)
      nio4r (~> 2.0)
    racc (1.6.2)
    rack (2.2.6.4)
    rack-attack (5.4.2)
      rack (>= 1.0, < 3)
    rack-test (2.0.2)
      rack (>= 1.3)
    rails (5.2.8.1)
      actioncable (= 5.2.8.1)
      actionmailer (= 5.2.8.1)
      actionpack (= 5.2.8.1)
      actionview (= 5.2.8.1)
      activejob (= 5.2.8.1)
      activemodel (= 5.2.8.1)
      activerecord (= 5.2.8.1)
      activestorage (= 5.2.8.1)
      activesupport (= 5.2.8.1)
      bundler (>= 1.3.0)
      railties (= 5.2.8.1)
      sprockets-rails (>= 2.0.0)
    rails-controller-testing (1.0.5)
      actionpack (>= 5.0.1.rc1)
      actionview (>= 5.0.1.rc1)
      activesupport (>= 5.0.1.rc1)
    rails-dom-testing (2.0.3)
      activesupport (>= 4.2.0)
      nokogiri (>= 1.6)
    rails-html-sanitizer (1.5.0)
      loofah (~> 2.19, >= 2.19.1)
    railties (5.2.8.1)
      actionpack (= 5.2.8.1)
      activesupport (= 5.2.8.1)
      method_source
      rake (>= 0.8.7)
      thor (>= 0.19.0, < 2.0)
    rake (13.0.6)
    rb-fsevent (0.11.2)
    rb-inotify (0.10.1)
      ffi (~> 1.0)
    rspec-core (3.7.1)
      rspec-support (~> 3.7.0)
    rspec-expectations (3.7.0)
      diff-lcs (>= 1.2.0, < 2.0)
      rspec-support (~> 3.7.0)
    rspec-mocks (3.7.0)
      diff-lcs (>= 1.2.0, < 2.0)
      rspec-support (~> 3.7.0)
    rspec-rails (3.7.2)
      actionpack (>= 3.0)
      activesupport (>= 3.0)
      railties (>= 3.0)
      rspec-core (~> 3.7.0)
      rspec-expectations (~> 3.7.0)
      rspec-mocks (~> 3.7.0)
      rspec-support (~> 3.7.0)
    rspec-support (3.7.1)
    ruby_dep (1.5.0)
    rufus-scheduler (3.4.2)
      et-orbi (~> 1.0)
    sass (3.7.4)
      sass-listen (~> 4.0.0)
    sass-listen (4.0.0)
      rb-fsevent (~> 0.9, >= 0.9.4)
      rb-inotify (~> 0.9, >= 0.9.7)
    sass-rails (5.1.0)
      railties (>= 5.2.0)
      sass (~> 3.1)
      sprockets (>= 2.8, < 4.0)
      sprockets-rails (>= 2.0, < 4.0)
      tilt (>= 1.1, < 3)
    secure_headers (3.9.0)
      useragent
    simplecov (0.16.1)
      docile (~> 1.1)
      json (>= 1.8, < 3)
      simplecov-html (~> 0.10.0)
    simplecov-html (0.10.2)
    spring (2.1.1)
    spring-watcher-listen (2.0.1)
      listen (>= 2.7, < 4.0)
      spring (>= 1.2, < 3.0)
    sprockets (3.7.2)
      concurrent-ruby (~> 1.0)
      rack (> 1, < 3)
    sprockets-rails (3.4.2)
      actionpack (>= 5.2)
      activesupport (>= 5.2)
      sprockets (>= 3.0.0)
    sqlite3 (1.6.1)
      mini_portile2 (~> 2.8.0)
    thor (1.2.1)
    thread_safe (0.3.6)
    tilt (2.1.0)
    timeout (0.3.2)
    ttfunk (1.7.0)
    turbolinks (5.2.1)
      turbolinks-source (~> 5.2)
    turbolinks-source (5.2.0)
    tzinfo (1.2.11)
      thread_safe (~> 0.1)
    uglifier (4.2.0)
      execjs (>= 0.3.0, < 3)
    useragent (0.16.10)
    web-console (3.7.0)
      actionview (>= 5.0)
      activemodel (>= 5.0)
      bindex (>= 0.4.0)
      railties (>= 5.0)
    websocket-driver (0.7.5)
      websocket-extensions (>= 0.1.0)
    websocket-extensions (0.1.5)
    will_paginate (3.1.8)

PLATFORMS
  ruby

DEPENDENCIES
  bcrypt (~> 3.1.15)
  bootsnap (>= 1.1.0)
  brakeman
  byebug
  coffee-rails (~> 4.2)
  factory_bot_rails
  font-awesome-rails (~> 4.7.0)
  http_accept_language (~> 2.1)
  jbuilder (~> 2.5)
  jquery-rails (~> 4.3.1)
  listen (>= 3.0.5, < 3.2)
  mysql2 (~> 0.4.10)
  paperclip (~> 5.2.0)
  prawn (~> 2.2.2)
  puma (~> 4.3)
  rack-attack (~> 5.0)
  rails (~> 5.2.8, >= 5.2.8.1)
  rails-controller-testing
  rspec-rails
  rufus-scheduler (~> 3.4.2)
  sass-rails (~> 5.0)
  secure_headers (~> 3.9.0)
  simplecov
  spring
  spring-watcher-listen (~> 2.0.0)
  sqlite3
  turbolinks (~> 5)
  tzinfo-data
  uglifier (>= 1.3.0)
  web-console (>= 3.3.0)
  will_paginate (~> 3.1.6)

RUBY VERSION
   ruby 2.7.3p183

BUNDLED WITH
   2.1.4
